GEM
  remote: https://rubygems.org/
  specs:
    activemodel (3.2.13)
      activesupport (= 3.2.13)
      builder (~> 3.0.0)
    activeresource (3.2.13)
      activemodel (= 3.2.13)
      activesupport (= 3.2.13)
    activesupport (3.2.13)
      i18n (= 0.6.1)
      multi_json (~> 1.0)
    builder (3.0.4)
    cinch (2.0.4)
    i18n (0.6.1)
    multi_json (1.7.4)
    pg (0.15.1)
    sqlite3 (1.3.7)

PLATFORMS
  ruby

DEPENDENCIES
  activeresource
  cinch
  pg
  sqlite3
